GEM
  remote: http://rubygems.org/
  specs:
    awesome_print (1.0.2)
    camping (2.1.467)
      rack (>= 1.0)
    ffi (1.0.11)
    git_remote_branch (0.3.3)
      rainbow
    growl (1.0.3)
    guard (1.0.0)
      ffi (>= 0.5.0)
      thor (~> 0.14.6)
    guard-haml (0.3.1)
      guard (>= 0.4)
      haml (>= 3.0)
    haml (3.1.4)
    i18n (0.6.0)
    mail (2.4.1)
      i18n (>= 0.4.0)
      mime-types (~> 1.16)
      treetop (~> 1.4.8)
    mime-types (1.17.2)
    polyglot (0.3.3)
    pony (1.4)
      mail (> 2.0)
    rack (1.4.1)
    rack-contrib (1.1.0)
      rack (>= 0.9.1)
    rainbow (1.1.3)
    rake (0.9.2.2)
    thor (0.14.6)
    tilt (1.3.3)
    treetop (1.4.10)
      polyglot
      polyglot (>= 0.3.1)

PLATFORMS
  ruby

DEPENDENCIES
  awesome_print
  camping (= 2.1.467)
  git_remote_branch
  growl (= 1.0.3)
  guard-haml (= 0.3.1)
  haml (= 3.1.4)
  pony (= 1.4)
  rack-contrib (= 1.1.0)
  rake (= 0.9.2.2)
  tilt (= 1.3.3)
