PATH
  remote: vendor/gems/geocoder-1.1.0
  specs:
    geocoder (1.1.0)

GEM
  remote: http://rubygems.org/
  specs:
    activemodel (3.2.3)
      activesupport (= 3.2.3)
      builder (~> 3.0.0)
    activerecord (3.2.3)
      activemodel (= 3.2.3)
      activesupport (= 3.2.3)
      arel (~> 3.0.2)
      tzinfo (~> 0.3.29)
    activesupport (3.2.3)
      i18n (~> 0.6)
      multi_json (~> 1.0)
    arel (3.0.2)
    awesome_print (1.0.2)
    builder (3.0.0)
    chronic (0.6.6)
    database_cleaner (0.7.1)
    domain_name (0.5.3)
      unf (~> 0.0.3)
    factory_girl (2.4.0)
      activesupport
    fakeweb (1.3.0)
    fandango (1.0.0)
      nokogiri (~> 1.0)
    faraday (0.8.0)
      multipart-post (~> 1.1)
    git_remote_branch (0.3.3)
      rainbow
    httparty (0.8.1)
      multi_json
      multi_xml
    i18n (0.6.0)
    mail (2.4.4)
      i18n (>= 0.4.0)
      mime-types (~> 1.16)
      treetop (~> 1.4.8)
    mechanize (2.1)
      domain_name (~> 0.5, >= 0.5.1)
      net-http-digest_auth (~> 1.1, >= 1.1.1)
      net-http-persistent (~> 2.3, >= 2.3.2)
      nokogiri (~> 1.4)
      ntlm-http (~> 0.1, >= 0.1.1)
      webrobots (~> 0.0, >= 0.0.9)
    metaclass (0.0.1)
    mime-types (1.18)
    minitest (2.10.0)
    mocha (0.10.2)
      metaclass (~> 0.0.1)
    multi_json (1.3.5)
    multi_xml (0.5.1)
    multipart-post (1.1.5)
    net-http-digest_auth (1.2.1)
    net-http-persistent (2.6)
    nokogiri (1.5.2)
    ntlm-http (0.1.1)
    pg (0.13.2)
    polyglot (0.3.3)
    pony (1.4)
      mail (> 2.0)
    rainbow (1.1.4)
    rake (0.9.2.2)
    retryable (1.2.5)
    scopes_for_associations (0.1.5)
      activerecord (>= 3.0.0)
      rake (>= 0.8.7)
    simple_oauth (0.1.8)
    sqlite3 (1.3.5)
    timecop (0.3.5)
    treetop (1.4.10)
      polyglot
      polyglot (>= 0.3.1)
    twitter (2.0.2)
      activesupport (>= 2.3.9, < 4)
      faraday (~> 0.7)
      multi_json (~> 1.0)
      simple_oauth (~> 0.1)
    tzinfo (0.3.33)
    unf (0.0.5)
      unf_ext
    unf_ext (0.0.4)
    vcr (1.11.3)
    webrobots (0.0.13)

PLATFORMS
  ruby

DEPENDENCIES
  activerecord (= 3.2.3)
  awesome_print
  chronic (= 0.6.6)
  database_cleaner (= 0.7.1)
  factory_girl (= 2.4.0)
  fakeweb (= 1.3.0)
  fandango (= 1.0.0)
  geocoder (= 1.1.0)!
  git_remote_branch
  httparty (= 0.8.1)
  mechanize (= 2.1)
  minitest (= 2.10.0)
  mocha (= 0.10.2)
  pg
  pony (= 1.4)
  retryable (= 1.2.5)
  scopes_for_associations (= 0.1.5)
  sqlite3 (= 1.3.5)
  timecop (= 0.3.5)
  twitter (= 2.0.2)
  vcr (= 1.11.3)
