PATH
  remote: vendor/gems/geocoder-1.1.0
  specs:
    geocoder (1.1.0)

GEM
  remote: http://rubygems.org/
  specs:
    activemodel (3.1.3)
      activesupport (= 3.1.3)
      builder (~> 3.0.0)
      i18n (~> 0.6)
    activerecord (3.1.3)
      activemodel (= 3.1.3)
      activesupport (= 3.1.3)
      arel (~> 2.2.1)
      tzinfo (~> 0.3.29)
    activesupport (3.1.3)
      multi_json (~> 1.0)
    addressable (2.2.6)
    arel (2.2.1)
    awesome_print (1.0.2)
    builder (3.0.0)
    camping (2.1.467)
      rack (>= 1.0)
    chronic (0.6.6)
    curb (0.7.18)
    database_cleaner (0.7.1)
    domain_name (0.5.2)
      unf (~> 0.0.3)
    factory_girl (2.4.0)
      activesupport
    fakeweb (1.3.0)
    fandango (0.1.9)
      activesupport (>= 3.0.8, < 3.2.0)
      builder (>= 2.1.2)
      curb (~> 0.7.15)
      i18n (>= 0.5.0)
      loofah (~> 1.2.0)
      nokogiri (>= 1.4.4)
      rake (>= 0.8.7)
      rdoc (~> 3.8)
      sax-machine (~> 0.1.0)
    faraday (0.7.6)
      addressable (~> 2.2)
      multipart-post (~> 1.1)
      rack (~> 1.1)
    ffi (1.0.11)
    foreman (0.40.0)
      term-ansicolor (~> 1.0.7)
      thor (>= 0.13.6)
    git_remote_branch (0.3.3)
      rainbow
    growl (1.0.3)
    guard (1.0.0)
      ffi (>= 0.5.0)
      thor (~> 0.14.6)
    guard-haml (0.3.1)
      guard (>= 0.4)
      haml (>= 3.0)
    haml (3.1.4)
    httparty (0.8.1)
      multi_json
      multi_xml
    i18n (0.6.0)
    json (1.6.5)
    loofah (1.2.0)
      nokogiri (>= 1.4.4)
    mail (2.4.1)
      i18n (>= 0.4.0)
      mime-types (~> 1.16)
      treetop (~> 1.4.8)
    mechanize (2.1)
      domain_name (~> 0.5, >= 0.5.1)
      net-http-digest_auth (~> 1.1, >= 1.1.1)
      net-http-persistent (~> 2.3, >= 2.3.2)
      nokogiri (~> 1.4)
      ntlm-http (~> 0.1, >= 0.1.1)
      webrobots (~> 0.0, >= 0.0.9)
    metaclass (0.0.1)
    mime-types (1.17.2)
    minitest (2.10.0)
    mocha (0.10.2)
      metaclass (~> 0.0.1)
    multi_json (1.0.4)
    multi_xml (0.4.1)
    multipart-post (1.1.4)
    net-http-digest_auth (1.2)
    net-http-persistent (2.5)
    nokogiri (1.5.0)
    ntlm-http (0.1.1)
    pg (0.12.2)
    polyglot (0.3.3)
    pony (1.4)
      mail (> 2.0)
    rack (1.4.1)
    rack-contrib (1.1.0)
      rack (>= 0.9.1)
    rainbow (1.1.3)
    rake (0.9.2.2)
    rdoc (3.12)
      json (~> 1.4)
    sax-machine (0.1.0)
      nokogiri (> 0.0.0)
    scopes_for_associations (0.1.5)
      activerecord (>= 3.0.0)
      rake (>= 0.8.7)
    simple_oauth (0.1.5)
    sqlite3 (1.3.5)
    state_machine (1.1.1)
    term-ansicolor (1.0.7)
    thor (0.14.6)
    tilt (1.3.3)
    timecop (0.3.5)
    treetop (1.4.10)
      polyglot
      polyglot (>= 0.3.1)
    twitter (2.0.2)
      activesupport (>= 2.3.9, < 4)
      faraday (~> 0.7)
      multi_json (~> 1.0)
      simple_oauth (~> 0.1)
    tzinfo (0.3.31)
    unf (0.0.4)
      unf_ext
    unf_ext (0.0.4)
    vcr (1.11.3)
    webrobots (0.0.13)

PLATFORMS
  ruby

DEPENDENCIES
  activerecord (= 3.1.3)
  activesupport (= 3.1.3)
  awesome_print
  camping (= 2.1.467)
  chronic (= 0.6.6)
  database_cleaner (= 0.7.1)
  factory_girl (= 2.4.0)
  fakeweb (= 1.3.0)
  fandango (= 0.1.9)
  foreman (= 0.40.0)
  geocoder (= 1.1.0)!
  git_remote_branch
  growl (= 1.0.3)
  guard-haml (= 0.3.1)
  haml (= 3.1.4)
  httparty (= 0.8.1)
  mechanize (= 2.1)
  minitest (= 2.10.0)
  mocha (= 0.10.2)
  pg
  pony (= 1.4)
  rack-contrib (= 1.1.0)
  rake (= 0.9.2.2)
  scopes_for_associations (= 0.1.5)
  sqlite3 (= 1.3.5)
  state_machine (= 1.1.1)
  tilt (= 1.3.3)
  timecop (= 0.3.5)
  twitter (= 2.0.2)
  vcr (= 1.11.3)
