GEM
  remote: http://rubygems.org/
  specs:
    activesupport (3.1.3)
      multi_json (~> 1.0)
    awesome_print (1.0.2)
    builder (3.0.0)
    camping (2.1.467)
      rack (>= 1.0)
    chronic (0.6.6)
    fakeweb (1.3.0)
    httparty (0.8.1)
      multi_json
      multi_xml
    i18n (0.6.0)
    mail (2.4.0)
      i18n (>= 0.4.0)
      mime-types (~> 1.16)
      treetop (~> 1.4.8)
    markaby (0.7.2)
      builder (>= 2.0.0)
    mime-types (1.17.2)
    minitest (2.10.0)
    multi_json (1.0.4)
    multi_xml (0.4.1)
    nokogiri (1.5.0)
    polyglot (0.3.3)
    pony (1.4)
      mail (> 2.0)
    rack (1.4.0)
    rake (0.9.2.2)
    treetop (1.4.10)
      polyglot
      polyglot (>= 0.3.1)
    vcr (1.11.3)

PLATFORMS
  ruby

DEPENDENCIES
  activesupport (= 3.1.3)
  awesome_print
  camping (= 2.1.467)
  chronic (= 0.6.6)
  fakeweb (= 1.3.0)
  httparty (= 0.8.1)
  markaby (= 0.7.2)
  minitest (= 2.10.0)
  nokogiri (= 1.5.0)
  pony (= 1.4)
  rake (= 0.9.2.2)
  vcr (= 1.11.3)
