GEM
  remote: http://rubygems.org/
  specs:
    activemodel (3.1.3)
      activesupport (= 3.1.3)
      builder (~> 3.0.0)
      i18n (~> 0.6)
    activerecord (3.1.3)
      activemodel (= 3.1.3)
      activesupport (= 3.1.3)
      arel (~> 2.2.1)
      tzinfo (~> 0.3.29)
    activesupport (3.1.3)
      multi_json (~> 1.0)
    addressable (2.2.6)
    arel (2.2.1)
    awesome_print (1.0.2)
    builder (3.0.0)
    camping (2.1.467)
      rack (>= 1.0)
    chronic (0.6.6)
    database_cleaner (0.7.1)
    factory_girl (2.4.0)
      activesupport
    fakeweb (1.3.0)
    faraday (0.7.5)
      addressable (~> 2.2.6)
      multipart-post (~> 1.1.3)
      rack (>= 1.1.0, < 2)
    httparty (0.8.1)
      multi_json
      multi_xml
    i18n (0.6.0)
    mail (2.4.0)
      i18n (>= 0.4.0)
      mime-types (~> 1.16)
      treetop (~> 1.4.8)
    markaby (0.7.2)
      builder (>= 2.0.0)
    metaclass (0.0.1)
    mime-types (1.17.2)
    minitest (2.10.0)
    mocha (0.10.2)
      metaclass (~> 0.0.1)
    multi_json (1.0.4)
    multi_xml (0.4.1)
    multipart-post (1.1.4)
    nokogiri (1.5.0)
    polyglot (0.3.3)
    pony (1.4)
      mail (> 2.0)
    rack (1.4.0)
    rake (0.9.2.2)
    simple_oauth (0.1.5)
    sqlite3 (1.3.5)
    state_machine (1.1.1)
    timecop (0.3.5)
    treetop (1.4.10)
      polyglot
      polyglot (>= 0.3.1)
    twitter (2.0.2)
      activesupport (>= 2.3.9, < 4)
      faraday (~> 0.7)
      multi_json (~> 1.0)
      simple_oauth (~> 0.1)
    tzinfo (0.3.31)
    vcr (1.11.3)

PLATFORMS
  ruby

DEPENDENCIES
  activerecord (= 3.1.3)
  activesupport (= 3.1.3)
  awesome_print
  camping (= 2.1.467)
  chronic (= 0.6.6)
  database_cleaner (= 0.7.1)
  factory_girl (= 2.4.0)
  fakeweb (= 1.3.0)
  httparty (= 0.8.1)
  markaby (= 0.7.2)
  minitest (= 2.10.0)
  mocha (= 0.10.2)
  nokogiri (= 1.5.0)
  pony (= 1.4)
  rake (= 0.9.2.2)
  sqlite3 (= 1.3.5)
  state_machine (= 1.1.1)
  timecop (= 0.3.5)
  twitter (= 2.0.2)
  vcr (= 1.11.3)
